GEM
  remote: http://rubygems.org/
  specs:
    actionpack (3.2.5)
      activemodel (= 3.2.5)
      activesupport (= 3.2.5)
      builder (~> 3.0.0)
      erubis (~> 2.7.0)
      journey (~> 1.0.1)
      rack (~> 1.4.0)
      rack-cache (~> 1.2)
      rack-test (~> 0.6.1)
      sprockets (~> 2.1.3)
    activemodel (3.2.5)
      activesupport (= 3.2.5)
      builder (~> 3.0.0)
    activesupport (3.2.5)
      i18n (~> 0.6)
      multi_json (~> 1.0)
    backports (2.5.3)
    builder (3.0.0)
    diff-lcs (1.1.3)
    erubis (2.7.0)
    eventmachine (0.12.10)
    ffi (1.0.11)
    haml (3.1.6)
    hike (1.2.1)
    i18n (0.6.0)
    journey (1.0.3)
    multi_json (1.3.6)
    mysql (2.8.1)
    net-dns (0.7.1)
    net-ldap (0.2.2)
    net-ping (1.5.3)
      ffi (>= 1.0.0)
      net-ldap (~> 0.2.2)
    rack (1.4.1)
    rack-cache (1.2)
      rack (>= 0.4)
    rack-flash3 (1.0.1)
      rack
      rack
    rack-protection (1.2.0)
      rack
    rack-test (0.6.1)
      rack (>= 1.0)
    rspec (2.7.0)
      rspec-core (~> 2.7.0)
      rspec-expectations (~> 2.7.0)
      rspec-mocks (~> 2.7.0)
    rspec-core (2.7.1)
    rspec-expectations (2.7.0)
      diff-lcs (~> 1.1.2)
    rspec-mocks (2.7.0)
    sequel (3.35.0)
    sinatra (1.3.2)
      rack (~> 1.3, >= 1.3.6)
      rack-protection (~> 1.2)
      tilt (~> 1.3, >= 1.3.3)
    sinatra-contrib (1.3.1)
      backports (>= 2.0)
      eventmachine
      rack-protection
      rack-test
      sinatra (~> 1.3.0)
      tilt (~> 1.3)
    sprockets (2.1.3)
      hike (~> 1.2)
      rack (~> 1.0)
      tilt (~> 1.1, != 1.3.0)
    tilt (1.3.3)
    whois (2.6.1)
    will_paginate (3.0.3)

PLATFORMS
  ruby

DEPENDENCIES
  actionpack
  haml
  mysql
  net-dns
  net-ping
  rack-flash3
  rack-test
  rspec
  sequel
  sinatra
  sinatra-contrib
  whois
  will_paginate
