GEM
  remote: http://rubygems.org/
  specs:
    haml (3.1.5)
    mysql (2.8.1)
    rack (1.4.1)
    rack-protection (1.2.0)
      rack
    sequel (3.35.0)
    sinatra (1.3.2)
      rack (~> 1.3, >= 1.3.6)
      rack-protection (~> 1.2)
      tilt (~> 1.3, >= 1.3.3)
    tilt (1.3.3)
    will_paginate (3.0.3)

PLATFORMS
  ruby

DEPENDENCIES
  haml
  mysql
  sequel
  sinatra
  will_paginate
