GEM
  remote: http://rubygems.org/
  specs:
    backports (2.5.3)
    eventmachine (0.12.10)
    haml (3.1.6)
    mysql (2.8.1)
    rack (1.4.1)
    rack-flash3 (1.0.1)
      rack
      rack
    rack-protection (1.2.0)
      rack
    rack-test (0.6.1)
      rack (>= 1.0)
    sequel (3.35.0)
    sinatra (1.3.2)
      rack (~> 1.3, >= 1.3.6)
      rack-protection (~> 1.2)
      tilt (~> 1.3, >= 1.3.3)
    sinatra-contrib (1.3.1)
      backports (>= 2.0)
      eventmachine
      rack-protection
      rack-test
      sinatra (~> 1.3.0)
      tilt (~> 1.3)
    tilt (1.3.3)
    will_paginate (3.0.3)

PLATFORMS
  ruby

DEPENDENCIES
  haml
  mysql
  rack-flash3
  sequel
  sinatra
  sinatra-contrib
  will_paginate
